GIT
  remote: git://github.com/mrackwitz/clintegracon.git
  revision: a7240a78b9fbaefa1d3f8a9e21e737adc65165b1
  branch: master
  specs:
    clintegracon (0.4.1)
      colored (~> 1.2)
      diffy

PATH
  remote: .
  specs:
    xcresources (0.1.0)
      activesupport (>= 3.2.15, < 4)
      apfel (~> 0.0.5)
      clamp (~> 0.6.3)
      colored (~> 1.2)
      xcodeproj (~> 0.16.1)

GEM
  remote: https://rubygems.org/
  specs:
    activesupport (3.2.19)
      i18n (~> 0.6, >= 0.6.4)
      multi_json (~> 1.0)
    apfel (0.0.5)
    bacon (1.2.0)
    clamp (0.6.3)
    colored (1.2)
    diffy (3.0.6)
    i18n (0.6.11)
    multi_json (1.10.1)
    rake (10.3.2)
    xcodeproj (0.16.1)
      activesupport (~> 3.0)
      colored (~> 1.2)

PLATFORMS
  ruby

DEPENDENCIES
  bacon (~> 1.1)
  bundler (~> 1.3)
  clintegracon!
  rake
  xcresources!
