PATH
  remote: .
  specs:
    xcresources (0.2.0)
      activesupport (>= 3.2.15, < 4)
      apfel (~> 0.0.5)
      clamp (~> 0.6.3)
      colored (~> 1.2)
      xcodeproj (~> 0.16.1)

GEM
  remote: https://rubygems.org/
  specs:
    activesupport (3.2.19)
      i18n (~> 0.6, >= 0.6.4)
      multi_json (~> 1.0)
    apfel (0.0.5)
    ast (2.0.0)
    bacon (1.2.0)
    clamp (0.6.3)
    clintegracon (0.4.1)
      colored (~> 1.2)
      diffy
    colored (1.2)
    diffy (3.0.6)
    i18n (0.6.11)
    json (1.8.1)
    metaclass (0.0.4)
    mocha (1.1.0)
      metaclass (~> 0.0.1)
    mocha-on-bacon (0.2.2)
      mocha (>= 0.13.0)
    multi_json (1.10.1)
    parser (2.2.0.pre.4)
      ast (>= 1.1, < 3.0)
      slop (~> 3.4, >= 3.4.5)
    powerpack (0.0.9)
    prettybacon (0.0.2)
      bacon (~> 1.2)
    rainbow (2.0.0)
    rake (10.3.2)
    rubocop (0.24.1)
      json (>= 1.7.7, < 2)
      parser (>= 2.2.0.pre.3, < 3.0)
      powerpack (~> 0.0.6)
      rainbow (>= 1.99.1, < 3.0)
      ruby-progressbar (~> 1.4)
    ruby-progressbar (1.5.1)
    slop (3.6.0)
    xcodeproj (0.16.1)
      activesupport (~> 3.0)
      colored (~> 1.2)

PLATFORMS
  ruby

DEPENDENCIES
  bacon (~> 1.1)
  bundler (~> 1.3)
  clintegracon
  mocha
  mocha-on-bacon
  prettybacon
  rake
  rubocop
  xcresources!
